{
	"TaskName": "p300",
	"Manufacturer": "g.tec",
	"PowerLineFrequency": 50.0,
	"SamplingFrequency": 512.0,
	"SoftwareFilters": "n/a",
	"RecordingDuration": 198.060546875,
	"RecordingType": "continuous",
	"EEGReference": "right earlobe",
	"EEGGround": "Fz",
	"EEGPlacementScheme": "standard_1010",
	"EEGChannelCount": 32,
	"EOGChannelCount": 0,
	"ECGChannelCount": 0,
	"EMGChannelCount": 0,
	"TriggerChannelCount": 0,
	"ManufacturersModelName": "g.USBamp (g.tec, Schiedlberg, Austria)",
	"SoftwareVersions": "OpenVibe",
	"CapManufacturer": "g.tec",
	"CapManufacturersModelName": "g.GAMMAcap",
	"HardwareFilters": "n/a",
	"TaskDescription": "[oddball] multi-user/hyperscanning experiment with three randomized conditions (Solo1, Solo2, Collaboration). Subjects played in pairs. Solo conditions used a control design where non-playing participant focused on unanimated cross to prevent stimulus observation while EEG was recorded (to correct for fake inter-brain synchrony).",
	"Instructions": "destroy the target alien symbol as fast as possible. Up to eight attempts per level. If all attempts missed, level restarted.",
	"CogAtlasID": "https://www.cognitiveatlas.org/task/id/tsk_GxjZBNiJorj1K/",
	"InstitutionName": "GIPSA-lab, CNRS, University Grenoble-Alpes, Grenoble INP",
	"InstitutionAddress": "GIPSA-lab, 11 rue des Math\u00e9matiques, Grenoble Campus BP46, F-38402, France",
	"InstitutionalDepartmentName": "n/a",
	"SubjectArtefactDescription": "n/a",
	"DeviceSerialNumber": "n/a",
	"Description": "EEG recordings of 38 subjects playing in pairs to the multi-user version of Brain Invaders P300-based BCI. Contains three conditions: Solo1, Solo2, and Collaboration.",
	"MISCChannelCount": 0
}